GEM
  remote: https://rubygems.org/
  specs:
    bcrypt (3.1.11)
    mustermann (1.0.1)
    rack (2.0.3)
    rack-protection (2.0.0)
      rack
    sequel (5.3.0)
    sinatra (2.0.0)
      mustermann (~> 1.0)
      rack (~> 2.0)
      rack-protection (= 2.0.0)
      tilt (~> 2.0)
    sqlite3 (1.3.13)
    tilt (2.0.8)

PLATFORMS
  ruby

DEPENDENCIES
  bcrypt
  sequel
  sinatra
  sqlite3

RUBY VERSION
   ruby 2.4.3p205

BUNDLED WITH
   1.16.1
